GIT
  remote: git://github.com/JacobNinja/codeminer.git
  revision: 9b4920e2761aeb081863f85908c639bfa719534e
  specs:
    codeminer (0.2)

GEM
  remote: https://rubygems.org/
  specs:
    exercism-analysis (0.1.1)
      codeminer (~> 0.2)
      roodi (~> 4.0)
    minitest (5.8.3)
    puma (2.15.3)
    rack (1.6.4)
    rack-protection (1.5.3)
      rack
    rack-test (0.6.3)
      rack (>= 1.0)
    rake (10.4.2)
    roodi (4.1.1)
      ruby_parser (~> 3.2, >= 3.2.2)
    ruby_parser (3.7.2)
      sexp_processor (~> 4.1)
    sexp_processor (4.6.0)
    sinatra (1.4.6)
      rack (~> 1.4)
      rack-protection (~> 1.4)
      tilt (>= 1.3, < 3)
    tilt (2.0.1)

PLATFORMS
  ruby

DEPENDENCIES
  codeminer!
  exercism-analysis
  minitest
  puma
  rack-test
  rake
  sinatra
