GIT
  remote: git://github.com/JacobNinja/codeminer.git
  revision: b40220ca4fecab90b9ac80f91b2bbe605ca27083
  specs:
    codeminer (0.1.0)

GIT
  remote: git://github.com/JacobNinja/exercism-analysis.git
  revision: 27ba0948a9e37fa0e7164ba6e7f7ba9b322b6ace
  specs:
    exercism-analysis (0.1.0)
      roodi (~> 4.0)

GEM
  remote: https://rubygems.org/
  specs:
    puma (2.9.0)
      rack (>= 1.1, < 2.0)
    rack (1.5.2)
    rack-protection (1.5.3)
      rack
    roodi (4.0.0)
      ruby_parser (~> 3.2, >= 3.2.2)
    ruby_parser (3.6.2)
      sexp_processor (~> 4.1)
    sexp_processor (4.4.4)
    sinatra (1.4.5)
      rack (~> 1.4)
      rack-protection (~> 1.4)
      tilt (~> 1.3, >= 1.3.4)
    tilt (1.4.1)

PLATFORMS
  ruby

DEPENDENCIES
  codeminer!
  exercism-analysis!
  puma
  sinatra
