GIT
  remote: git://github.com/JacobNinja/codeminer.git
  revision: 9b4920e2761aeb081863f85908c639bfa719534e
  specs:
    codeminer (0.2)

GIT
  remote: git://github.com/JacobNinja/exercism-analysis.git
  revision: ffd9266c9c4a11bc57cd99c86eb6fc2d0e21da2c
  specs:
    exercism-analysis (0.1.0)
      codeminer (~> 0.2)
      roodi (~> 4.0)

GEM
  remote: https://rubygems.org/
  specs:
    minitest (5.6.0)
    puma (2.11.2)
      rack (>= 1.1, < 2.0)
    rack (1.6.0)
    rack-protection (1.5.3)
      rack
    rack-test (0.6.3)
      rack (>= 1.0)
    rake (10.4.2)
    roodi (4.1.1)
      ruby_parser (~> 3.2, >= 3.2.2)
    ruby_parser (3.6.6)
      sexp_processor (~> 4.1)
    sexp_processor (4.5.0)
    sinatra (1.4.6)
      rack (~> 1.4)
      rack-protection (~> 1.4)
      tilt (>= 1.3, < 3)
    tilt (2.0.1)

PLATFORMS
  ruby

DEPENDENCIES
  codeminer!
  exercism-analysis!
  minitest
  puma
  rack-test
  rake
  sinatra
